GEM
  remote: https://rubygems.org/
  specs:
    activesupport (3.2.13)
      i18n (= 0.6.1)
      multi_json (~> 1.0)
    ansi (1.4.3)
    coderay (1.0.9)
    ffi (1.8.1)
    formatador (0.2.4)
    gandi (2.0.7)
      hashie
    guard (1.8.0)
      formatador (>= 0.2.4)
      listen (>= 1.0.0)
      lumberjack (>= 1.0.2)
      pry (>= 0.9.10)
      thor (>= 0.14.6)
    guard-minitest (0.5.0)
      guard (>= 0.4)
    hashie (2.0.5)
    i18n (0.6.1)
    listen (1.1.5)
      rb-fsevent (>= 0.9.3)
      rb-inotify (>= 0.9)
      rb-kqueue (>= 0.2)
    lumberjack (1.0.3)
    metaclass (0.0.1)
    method_source (0.8.1)
    mocha (0.14.0)
      metaclass (~> 0.0.1)
    morph (0.3.6)
      activesupport (>= 2.0.2)
    multi_json (1.7.5)
    net-dns (0.8.0)
    pry (0.9.12.2)
      coderay (~> 1.0.5)
      method_source (~> 0.8)
      slop (~> 3.4)
    rb-fsevent (0.9.3)
    rb-inotify (0.9.0)
      ffi (>= 0.5.0)
    rb-kqueue (0.2.0)
      ffi (>= 0.5.0)
    slop (3.4.5)
    thor (0.18.1)
    turn (0.9.6)
      ansi

PLATFORMS
  ruby

DEPENDENCIES
  gandi
  guard-minitest
  mocha
  morph (>= 0.3.6)
  net-dns
  turn
